GIT
  remote: https://github.com/ryanb/populator.git
  revision: 6a0855bcc5a894a31e03eed71ed85abdc0776d59
  specs:
    populator (1.0.0)

GIT
  remote: https://github.com/tulibraries/primo.git
  revision: a941f0056097150a61150b6b871845007dfb356e
  branch: main
  specs:
    primo (0.1.0)
      httparty

GEM
  remote: http://rubygems.org/
  specs:
    actioncable (5.1.6)
      actionpack (= 5.1.6)
      nio4r (~> 2.0)
      websocket-driver (~> 0.6.1)
    actionmailer (5.1.6)
      actionpack (= 5.1.6)
      actionview (= 5.1.6)
      activejob (= 5.1.6)
      mail (~> 2.5, >= 2.5.4)
      rails-dom-testing (~> 2.0)
    actionpack (5.1.6)
      actionview (= 5.1.6)
      activesupport (= 5.1.6)
      rack (~> 2.0)
      rack-test (>= 0.6.3)
      rails-dom-testing (~> 2.0)
      rails-html-sanitizer (~> 1.0, >= 1.0.2)
    actionview (5.1.6)
      activesupport (= 5.1.6)
      builder (~> 3.1)
      erubi (~> 1.4)
      rails-dom-testing (~> 2.0)
      rails-html-sanitizer (~> 1.0, >= 1.0.3)
    activejob (5.1.6)
      activesupport (= 5.1.6)
      globalid (>= 0.3.6)
    activemodel (5.1.6)
      activesupport (= 5.1.6)
    activerecord (5.1.6)
      activemodel (= 5.1.6)
      activesupport (= 5.1.6)
      arel (~> 8.0)
    activesupport (5.1.6)
      concurrent-ruby (~> 1.0, >= 1.0.2)
      i18n (>= 0.7, < 2)
      minitest (~> 5.1)
      tzinfo (~> 1.1)
    airbrussh (1.4.1)
      sshkit (>= 1.6.1, != 1.7.0)
    alma (0.3.3)
      activesupport
      ezwadl
      httparty
      xml-simple
    arel (8.0.0)
    audited (4.10.0)
      activerecord (>= 4.2, < 6.2)
    awesome_print (1.8.0)
    axlsx (2.0.0)
      htmlentities (~> 4.3.1)
      nokogiri (>= 1.4.1)
      rubyzip (= 0.9.9)
    axlsx_rails (0.1.5)
      axlsx
      rails (>= 3.1)
    bcrypt (3.1.18)
    bcrypt-ruby (3.1.5)
      bcrypt (>= 3.1.3)
    better_errors (2.9.1)
      coderay (>= 1.0.0)
      erubi (>= 1.0.0)
      rack (>= 0.9.0)
    binding_of_caller (1.0.0)
      debug_inspector (>= 0.0.1)
    builder (3.2.4)
    bullet (7.0.2)
      activesupport (>= 3.0.0)
      uniform_notifier (~> 1.11)
    cancancan (2.0.0)
    capistrano (3.8.0)
      airbrussh (>= 1.0.0)
      i18n
      rake (>= 10.0.0)
      sshkit (>= 1.9.0)
    capistrano-bundler (1.2.0)
      capistrano (~> 3.1)
      sshkit (~> 1.2)
    capistrano-rails (1.2.3)
      capistrano (~> 3.1)
      capistrano-bundler (~> 1.1)
    capistrano-rbenv (2.1.0)
      capistrano (~> 3.1)
      sshkit (~> 1.3)
    capybara (2.1.0)
      mime-types (>= 1.16)
      nokogiri (>= 1.3.3)
      rack (>= 1.0.0)
      rack-test (>= 0.5.4)
      xpath (~> 2.0)
    carrierwave (0.9.0)
      activemodel (>= 3.2.0)
      activesupport (>= 3.2.0)
      json (>= 1.7)
    coderay (1.1.3)
    coffee-rails (4.2.2)
      coffee-script (>= 2.2.0)
      railties (>= 4.0.0)
    coffee-script (2.4.1)
      coffee-script-source
      execjs
    coffee-script-source (1.12.2)
    commonjs (0.2.7)
    concurrent-ruby (1.1.10)
    crass (1.0.6)
    database_cleaner (1.2.0)
    debug_inspector (1.1.0)
    elastic-transport (8.0.1)
      faraday (~> 1)
      multi_json
    elasticsearch (8.3.0)
      elastic-transport (~> 8)
      elasticsearch-api (= 8.3.0)
    elasticsearch-api (8.3.0)
      multi_json
    elasticsearch-model (0.1.9)
      activesupport (> 3)
      elasticsearch (> 0.4)
      hashie
    elasticsearch-rails (0.1.9)
    em-websocket (0.5.3)
      eventmachine (>= 0.12.9)
      http_parser.rb (~> 0)
    email_validator (1.4.0)
      activemodel
    ensure_valid_encoding (0.5.3)
    erubi (1.10.0)
    eventmachine (1.2.7)
    exception_notification (4.0.1)
      actionmailer (>= 3.0.4)
      activesupport (>= 3.0.4)
    execjs (2.8.1)
    ezwadl (0.1.0)
      httparty (~> 0.14)
      nokogiri (~> 1.6)
    factory_girl (4.3.0)
      activesupport (>= 3.0.0)
    factory_girl_rails (4.3.0)
      factory_girl (~> 4.3.0)
      railties (>= 3.0.0)
    faker (2.21.0)
      i18n (>= 1.8.11, < 2)
    faraday (1.10.0)
      faraday-em_http (~> 1.0)
      faraday-em_synchrony (~> 1.0)
      faraday-excon (~> 1.1)
      faraday-httpclient (~> 1.0)
      faraday-multipart (~> 1.0)
      faraday-net_http (~> 1.0)
      faraday-net_http_persistent (~> 1.0)
      faraday-patron (~> 1.0)
      faraday-rack (~> 1.0)
      faraday-retry (~> 1.0)
      ruby2_keywords (>= 0.0.4)
    faraday-em_http (1.0.0)
    faraday-em_synchrony (1.0.0)
    faraday-excon (1.1.0)
    faraday-httpclient (1.0.1)
    faraday-multipart (1.0.4)
      multipart-post (~> 2)
    faraday-net_http (1.0.1)
    faraday-net_http_persistent (1.2.0)
    faraday-patron (1.0.0)
    faraday-rack (1.0.0)
    faraday-retry (1.0.3)
    ffi (1.15.5)
    font-awesome-rails (4.7.0.2)
      railties (>= 3.2, < 5.2)
    formatador (1.1.0)
    globalid (1.0.0)
      activesupport (>= 5.0)
    guard (2.18.0)
      formatador (>= 0.2.4)
      listen (>= 2.7, < 4.0)
      lumberjack (>= 1.0.12, < 2.0)
      nenv (~> 0.1)
      notiffany (~> 0.0)
      pry (>= 0.13.0)
      shellany (~> 0.0)
      thor (>= 0.18.1)
    guard-bundler (3.0.0)
      bundler (>= 2.1, < 3)
      guard (~> 2.2)
      guard-compat (~> 1.1)
    guard-compat (1.2.1)
    guard-livereload (2.5.2)
      em-websocket (~> 0.5)
      guard (~> 2.8)
      guard-compat (~> 1.0)
      multi_json (~> 1.8)
    guard-minitest (2.4.4)
      guard-compat (~> 1.2)
      minitest (>= 3.0)
    hashie (5.0.0)
    htmlentities (4.3.4)
    http_parser.rb (0.8.0)
    httparty (0.16.2)
      multi_xml (>= 0.5.2)
    i18n (1.12.0)
      concurrent-ruby (~> 1.0)
    jbuilder (2.11.5)
      actionview (>= 5.0.0)
      activesupport (>= 5.0.0)
    jquery-rails (4.3.1)
      rails-dom-testing (>= 1, < 3)
      railties (>= 4.2.0)
      thor (>= 0.14, < 2.0)
    jquery-ui-rails (6.0.1)
      railties (>= 3.2.16)
    json (2.6.2)
    kaminari (0.17.0)
      actionpack (>= 3.0.0)
      activesupport (>= 3.0.0)
    less (2.6.0)
      commonjs (~> 0.2.7)
    less-rails (2.8.0)
      actionpack (>= 4.0)
      less (~> 2.6.0)
      sprockets (> 2, < 4)
      tilt
    libv8 (3.16.14.19)
    liquid (4.0.0)
    listen (3.7.1)
      rb-fsevent (~> 0.10, >= 0.10.3)
      rb-inotify (~> 0.9, >= 0.9.10)
    loofah (2.18.0)
      crass (~> 1.0.2)
      nokogiri (>= 1.5.9)
    lumberjack (1.2.8)
    mail (2.7.1)
      mini_mime (>= 0.1.1)
    marc (0.8.2)
      ensure_valid_encoding
      scrub_rb (>= 1.0.1, < 2)
      unf
    metaclass (0.0.4)
    method_source (1.0.0)
    mime-types (1.25.1)
    mini_magick (3.7.0)
      subexec (~> 0.2.1)
    mini_mime (1.1.2)
    mini_portile2 (2.1.0)
    minitest (5.16.2)
    mocha (0.14.0)
      metaclass (~> 0.0.1)
    multi_json (1.15.0)
    multi_xml (0.6.0)
    multipart-post (2.2.3)
    mysql2 (0.5.4)
    nenv (0.3.0)
    net-scp (1.2.1)
      net-ssh (>= 2.6.5)
    net-ssh (7.0.1)
    nio4r (2.5.8)
    nokogiri (1.6.8.1)
      mini_portile2 (~> 2.1.0)
    notiffany (0.1.3)
      nenv (~> 0.1)
      shellany (~> 0.0)
    pry (0.14.1)
      coderay (~> 1.1)
      method_source (~> 1.0)
    puma (3.12.6)
    rack (2.2.4)
    rack-livereload (0.3.17)
      rack
    rack-test (2.0.2)
      rack (>= 1.3)
    rails (5.1.6)
      actioncable (= 5.1.6)
      actionmailer (= 5.1.6)
      actionpack (= 5.1.6)
      actionview (= 5.1.6)
      activejob (= 5.1.6)
      activemodel (= 5.1.6)
      activerecord (= 5.1.6)
      activesupport (= 5.1.6)
      bundler (>= 1.3.0)
      railties (= 5.1.6)
      sprockets-rails (>= 2.0.0)
    rails-dom-testing (2.0.3)
      activesupport (>= 4.2.0)
      nokogiri (>= 1.6)
    rails-html-sanitizer (1.4.3)
      loofah (~> 2.3)
    rails-settings-cached (0.4.1)
      rails (>= 4.0.0)
    railties (5.1.6)
      actionpack (= 5.1.6)
      activesupport (= 5.1.6)
      method_source
      rake (>= 0.8.7)
      thor (>= 0.18.1, < 2.0)
    rake (13.0.6)
    rb-fsevent (0.11.1)
    rb-inotify (0.10.1)
      ffi (~> 1.0)
    rb-readline (0.5.5)
    ref (2.0.0)
    rexml (3.2.5)
    rsolr (1.0.10)
      builder (>= 2.1.2)
    ruby-prof (1.4.3)
    ruby2_keywords (0.0.5)
    rubyzip (0.9.9)
    rufus-scheduler (3.0.9)
      tzinfo
    sass (3.7.4)
      sass-listen (~> 4.0.0)
    sass-listen (4.0.0)
      rb-fsevent (~> 0.9, >= 0.9.4)
      rb-inotify (~> 0.9, >= 0.9.7)
    sass-rails (5.0.6)
      railties (>= 4.0.0, < 6)
      sass (~> 3.1)
      sprockets (>= 2.8, < 4.0)
      sprockets-rails (>= 2.0, < 4.0)
      tilt (>= 1.1, < 3)
    scrub_rb (1.0.1)
    shellany (0.0.1)
    shoulda (3.5.0)
      shoulda-context (~> 1.0, >= 1.0.1)
      shoulda-matchers (>= 1.4.1, < 3.0)
    shoulda-context (1.2.2)
    shoulda-matchers (2.8.0)
      activesupport (>= 3.0.0)
    simple_form (3.5.0)
      actionpack (> 4, < 5.2)
      activemodel (> 4, < 5.2)
    spring (1.3.6)
    sprockets (3.6.3)
      concurrent-ruby (~> 1.0)
      rack (> 1, < 3)
    sprockets-rails (3.2.2)
      actionpack (>= 4.0)
      activesupport (>= 4.0)
      sprockets (>= 3.0.0)
    sqlite3 (1.3.13)
    sshkit (1.21.2)
      net-scp (>= 1.1.2)
      net-ssh (>= 2.8.0)
    subexec (0.2.3)
    therubyracer (0.12.3)
      libv8 (~> 3.16.14.15)
      ref
    thor (1.2.1)
    thread_safe (0.3.6)
    tilt (2.0.11)
    twitter-bootstrap-rails (4.0.0)
      actionpack (~> 5.0, >= 5.0.1)
      execjs (~> 2.7)
      less-rails (~> 2.8, >= 2.8.0)
      railties (~> 5.0, >= 5.0.1)
    tzinfo (1.2.10)
      thread_safe (~> 0.1)
    uglifier (4.2.0)
      execjs (>= 0.3.0, < 3)
    unf (0.1.4)
      unf_ext
    unf_ext (0.0.8.2)
    uniform_notifier (1.16.0)
    web-console (2.3.0)
      activemodel (>= 4.0)
      binding_of_caller (>= 0.7.2)
      railties (>= 4.0)
      sprockets-rails (>= 2.0, < 4.0)
    webrat (0.7.3)
      nokogiri (>= 1.2.0)
      rack (>= 1.0)
      rack-test (>= 0.5.3)
    websocket-driver (0.6.5)
      websocket-extensions (>= 0.1.0)
    websocket-extensions (0.1.5)
    worldcatapi (1.0.5)
      marc (~> 0.8.1)
      nokogiri (~> 1.6.0)
    xml-simple (1.1.9)
      rexml
    xpath (2.1.0)
      nokogiri (~> 1.3)
    yaml_db (0.6.0)
      rails (>= 3.0, < 5.2)
      rake (>= 0.8.7)

PLATFORMS
  ruby

DEPENDENCIES
  alma
  audited (~> 4.5)
  awesome_print (= 1.8.0)
  axlsx (= 2.0.0)
  axlsx_rails (= 0.1.5)
  bcrypt-ruby (~> 3.1.2)
  better_errors
  binding_of_caller
  bullet
  cancancan (= 2.0.0)
  capistrano (= 3.8.0)
  capistrano-bundler (= 1.2.0)
  capistrano-rails (= 1.2.3)
  capistrano-rbenv (= 2.1.0)
  capybara (= 2.1.0)
  carrierwave (= 0.9.0)
  coffee-rails (~> 4.2)
  database_cleaner (= 1.2.0)
  elasticsearch-model (= 0.1.9)
  elasticsearch-rails (= 0.1.9)
  email_validator (= 1.4.0)
  exception_notification (= 4.0.1)
  factory_girl_rails (= 4.3.0)
  faker
  font-awesome-rails (= 4.7.0.2)
  guard-bundler (~> 3.0)
  guard-livereload
  guard-minitest (= 2.4.4)
  jbuilder (~> 2.5)
  jquery-rails (= 4.3.1)
  jquery-ui-rails (= 6.0.1)
  kaminari (= 0.17.0)
  less-rails
  liquid (= 4.0.0)
  mime-types (= 1.25.1)
  mini_magick (= 3.7.0)
  minitest
  mocha (= 0.14)
  mysql2 (~> 0.5.4)
  populator!
  primo!
  puma (~> 3.7)
  rack-livereload
  rails (= 5.1.6)
  rails-settings-cached (= 0.4.1)
  rb-readline
  rsolr (= 1.0.10)
  ruby-prof
  rufus-scheduler (= 3.0.9)
  sass-rails (= 5.0.6)
  shoulda (= 3.5)
  shoulda-context
  shoulda-matchers
  simple_form (= 3.5.0)
  spring (= 1.3.6)
  sprockets (= 3.6.3)
  sqlite3 (~> 1.3.6)
  therubyracer
  twitter-bootstrap-rails (= 4.0.0)
  uglifier (>= 1.3.0)
  web-console (~> 2.0)
  webrat (= 0.7.3)
  worldcatapi (= 1.0.5)
  yaml_db (= 0.6.0)

BUNDLED WITH
   2.1.4
